PATH
  remote: .
  specs:
    tone.rb (0.1.0)
      opal (>= 1.0.0)

GEM
  remote: https://rubygems.org/
  specs:
    ast (2.4.2)
    opal (1.5.1)
      ast (>= 2.3.0)
      parser (~> 3.0, >= 3.0.3.2)
    parser (3.1.2.1)
      ast (~> 2.4.1)
    rake (13.0.6)

PLATFORMS
  ruby

DEPENDENCIES
  bundler (~> 1.16)
  rake (~> 13.0)
  tone.rb!

BUNDLED WITH
   1.16.2
