PATH
  remote: .
  specs:
    tone.rb (0.1.0)
      opal (>= 1.0.0)

GEM
  remote: https://rubygems.org/
  specs:
    ast (2.4.3)
    base64 (0.3.0)
    opal (1.8.2)
      ast (>= 2.3.0)
      parser (~> 3.0, >= 3.0.3.2)
    parser (3.3.9.0)
      ast (~> 2.4.1)
      racc
    racc (1.8.1)
    rack (2.2.17)
    rake (13.3.0)
    webrick (1.9.1)

PLATFORMS
  arm64-darwin-24
  ruby

DEPENDENCIES
  base64 (~> 0.1)
  bundler (>= 1.17)
  rack (~> 2.2)
  rake (>= 10.0)
  tone.rb!
  webrick (~> 1.7)

BUNDLED WITH
   2.7.1
